GEM
  remote: http://rubygems.org/
  specs:
    aws-s3 (0.6.3)
      builder
      mime-types
      xml-simple
    builder (3.0.0)
    chunky_png (1.2.6)
    compass (0.12.2)
      chunky_png (~> 1.2)
      fssm (>= 0.2.7)
      sass (~> 3.1)
    fssm (0.2.9)
    haml (3.1.7)
    mime-types (1.19)
    rack (1.4.1)
    sass (3.2.1)
    staticmatic2 (2.1.5)
      aws-s3
      compass (~> 0.12.1)
      haml (~> 3.1)
      rack (>= 1.0)
      sass (~> 3.1)
      thor (>= 0.14.6)
      tilt (>= 1.3)
    thor (0.16.0)
    tilt (1.3.3)
    xml-simple (1.1.1)

PLATFORMS
  ruby

DEPENDENCIES
  haml
  staticmatic2
